GEM
  remote: https://rubygems.org/
  specs:
    beanstalk-client (1.1.1)
    daemons (1.1.9)
    eventmachine (1.0.0)
    faraday (0.8.5)
      multipart-post (~> 1.1)
    haml (4.0.0)
      tilt
    hashie (1.2.0)
    httpauth (0.2.0)
    json (1.7.7)
    jwt (0.1.5)
      multi_json (>= 1.0)
    multi_json (1.6.0)
    multipart-post (1.1.5)
    mysql (2.9.0)
    newrelic_rpm (3.5.6.55)
    oauth (0.4.7)
    oauth2 (0.8.0)
      faraday (~> 0.8)
      httpauth (~> 0.1)
      jwt (~> 0.1.4)
      multi_json (~> 1.0)
      rack (~> 1.2)
    omniauth (1.1.3)
      hashie (~> 1.2)
      rack
    omniauth-facebook (1.4.1)
      omniauth-oauth2 (~> 1.1.0)
    omniauth-github (1.0.3)
      omniauth (~> 1.0)
      omniauth-oauth2 (~> 1.1)
    omniauth-oauth (1.0.1)
      oauth
      omniauth (~> 1.0)
    omniauth-oauth2 (1.1.1)
      oauth2 (~> 0.8.0)
      omniauth (~> 1.0)
    omniauth-twitter (0.0.14)
      multi_json (~> 1.3)
      omniauth-oauth (~> 1.0)
    rack (1.5.2)
    rack-protection (1.3.2)
      rack
    rack-test (0.6.2)
      rack (>= 1.0)
    rake (10.0.3)
    sequel (3.44.0)
    sinatra (1.3.4)
      rack (~> 1.4)
      rack-protection (~> 1.3)
      tilt (~> 1.3, >= 1.3.3)
    sqlite3 (1.3.7)
    sqlite3-ruby (1.3.3)
      sqlite3 (>= 1.3.3)
    system_timer (1.2.4)
    thin (1.5.0)
      daemons (>= 1.0.9)
      eventmachine (>= 0.12.6)
      rack (>= 1.0.0)
    tilt (1.3.3)

PLATFORMS
  ruby

DEPENDENCIES
  beanstalk-client
  haml
  json
  mysql
  newrelic_rpm
  omniauth
  omniauth-facebook
  omniauth-github
  omniauth-twitter
  rack
  rack-test
  rake
  sequel
  sinatra
  sqlite3-ruby
  system_timer
  thin
